GEM
  remote: https://rubygems.org/
  specs:
    sshkey (1.8.0)

PLATFORMS
  ruby

DEPENDENCIES
  sshkey

BUNDLED WITH
   1.11.2
